PATH
  remote: .
  specs:
    pay_by_net (0.0.1)
      rest-client (~> 0.9)
      savon (~> 2.3)

GEM
  remote: https://rubygems.org/
  specs:
    addressable (2.3.8)
    akami (1.3.0)
      gyoku (>= 0.4.0)
      nokogiri
    builder (3.2.2)
    gyoku (1.3.1)
      builder (>= 2.1.2)
    httpi (2.4.0)
      rack
    macaddr (1.7.1)
      systemu (~> 2.6.2)
    mini_portile (0.6.2)
    minitest (5.6.0)
    nokogiri (1.6.6.2)
      mini_portile (~> 0.6.0)
    nori (2.5.0)
    rack (1.6.0)
    rake (0.9.6)
    rest-client (0.9.2)
    savon (2.11.0)
      akami (~> 1.2)
      builder (>= 2.1.2)
      gyoku (~> 1.2)
      httpi (~> 2.3)
      nokogiri (>= 1.4.0)
      nori (~> 2.4)
      uuid (~> 2.3.7)
      wasabi (~> 3.4)
    systemu (2.6.5)
    timecop (0.7.1)
    uuid (2.3.7)
      macaddr (~> 1.0)
    wasabi (3.5.0)
      httpi (~> 2.0)
      nokogiri (>= 1.4.2)
    webmock (0.9.1)
      addressable (>= 2.1.1)

PLATFORMS
  ruby

DEPENDENCIES
  minitest (~> 5.6)
  pay_by_net!
  rake (~> 0)
  timecop (~> 0)
  webmock (~> 0)
