PATH
  remote: .
  specs:
    pay_by_net (0.0.1)
      rest-client
      savon (~> 2.3)

GEM
  remote: https://rubygems.org/
  specs:
    addressable (2.3.8)
    akami (1.3.0)
      gyoku (>= 0.4.0)
      nokogiri
    builder (3.2.2)
    crack (0.4.2)
      safe_yaml (~> 1.0.0)
    domain_name (0.5.24)
      unf (>= 0.0.5, < 1.0.0)
    gyoku (1.3.1)
      builder (>= 2.1.2)
    http-cookie (1.0.2)
      domain_name (~> 0.5)
    httpi (2.4.0)
      rack
    macaddr (1.7.1)
      systemu (~> 2.6.2)
    mime-types (2.4.3)
    mini_portile (0.6.2)
    minitest (5.6.0)
    netrc (0.10.3)
    nokogiri (1.6.6.2)
      mini_portile (~> 0.6.0)
    nori (2.5.0)
    rack (1.6.0)
    rake (13.0.1)
    rest-client (1.8.0)
      http-cookie (>= 1.0.2, < 2.0)
      mime-types (>= 1.16, < 3.0)
      netrc (~> 0.7)
    safe_yaml (1.0.4)
    savon (2.11.0)
      akami (~> 1.2)
      builder (>= 2.1.2)
      gyoku (~> 1.2)
      httpi (~> 2.3)
      nokogiri (>= 1.4.0)
      nori (~> 2.4)
      uuid (~> 2.3.7)
      wasabi (~> 3.4)
    systemu (2.6.5)
    timecop (0.7.1)
    unf (0.1.4)
      unf_ext
    unf_ext (0.0.6)
    uuid (2.3.7)
      macaddr (~> 1.0)
    wasabi (3.5.0)
      httpi (~> 2.0)
      nokogiri (>= 1.4.2)
    webmock (1.21.0)
      addressable (>= 2.3.6)
      crack (>= 0.3.2)

PLATFORMS
  ruby

DEPENDENCIES
  minitest
  pay_by_net!
  rake (~> 13)
  timecop (~> 0)
  webmock (~> 1)
